GEM
  remote: https://rubygems.org/
  specs:
    addressable (2.5.1)
      public_suffix (~> 2.0, >= 2.0.2)
    faraday (0.12.1)
      multipart-post (>= 1.2, < 3)
    minitest (5.10.2)
    multipart-post (2.0.0)
    mustermann (1.0.0)
    octokit (4.7.0)
      sawyer (~> 0.8.0, >= 0.5.3)
    public_suffix (2.0.5)
    rack (2.0.3)
    rack-protection (2.0.0)
      rack
    rack-test (0.6.3)
      rack (>= 1.0)
    rake (12.0.0)
    sawyer (0.8.1)
      addressable (>= 2.3.5, < 2.6)
      faraday (~> 0.8, < 1.0)
    sinatra (2.0.0)
      mustermann (~> 1.0)
      rack (~> 2.0)
      rack-protection (= 2.0.0)
      tilt (~> 2.0)
    tilt (2.0.7)

PLATFORMS
  ruby

DEPENDENCIES
  minitest
  octokit
  rack-test
  rake
  sinatra

BUNDLED WITH
   1.15.0
